PATH
  remote: .
  specs:
    frontegg (0.0.1)
      faraday (~> 2.12, >= 1)
      jwt (~> 2.7.1, >= 2)

GEM
  remote: https://rubygems.org/
  specs:
    addressable (2.8.4)
      public_suffix (>= 2.0.2, < 6.0)
    crack (0.4.5)
      rexml
    diff-lcs (1.5.0)
    faraday (2.12.2)
      faraday-net_http (>= 2.0, < 3.5)
      json
      logger
    faraday-net_http (3.1.0)
      net-http
    hashdiff (1.0.1)
    json (2.10.2)
    jwt (2.7.1)
    logger (1.6.6)
    net-http (0.4.1)
      uri
    public_suffix (5.0.3)
    rake (12.3.3)
    rexml (3.2.8)
      strscan (>= 3.0.9)
    rspec (3.6.0)
      rspec-core (~> 3.6.0)
      rspec-expectations (~> 3.6.0)
      rspec-mocks (~> 3.6.0)
    rspec-core (3.6.0)
      rspec-support (~> 3.6.0)
    rspec-expectations (3.6.0)
      diff-lcs (>= 1.2.0, < 2.0)
      rspec-support (~> 3.6.0)
    rspec-mocks (3.6.0)
      diff-lcs (>= 1.2.0, < 2.0)
      rspec-support (~> 3.6.0)
    rspec-support (3.6.0)
    strscan (3.1.0)
    uri (0.13.0)
    webmock (3.18.1)
      addressable (>= 2.8.0)
      crack (>= 0.3.2)
      hashdiff (>= 0.4.0, < 2.0.0)

PLATFORMS
  arm64-darwin-21
  arm64-darwin-23
  x86_64-linux

DEPENDENCIES
  frontegg!
  rake (~> 12.3.3)
  rspec (~> 3.6.0)
  webmock (~> 3.18)

BUNDLED WITH
   2.4.19
